PATH
  remote: .
  specs:
    vagrant-putty (0.0.2)
      vagrant (~> 0.8.0)

GEM
  remote: http://rubygems.org/
  specs:
    archive-tar-minitar (0.5.2)
    erubis (2.7.0)
    ffi (1.0.10)
    i18n (0.6.0)
    jruby-win32ole (0.8.5)
    json (1.5.4)
    metaclass (0.0.1)
    mocha (0.10.0)
      metaclass (~> 0.0.1)
    net-scp (1.0.4)
      net-ssh (>= 1.99.1)
    net-ssh (2.1.4)
    thor (0.14.6)
    vagrant (0.8.7)
      archive-tar-minitar (= 0.5.2)
      erubis (~> 2.7.0)
      i18n (~> 0.6.0)
      json (~> 1.5.1)
      net-scp (~> 1.0.4)
      net-ssh (~> 2.1.4)
      thor (~> 0.14.6)
      virtualbox (~> 0.9.1)
    virtualbox (0.9.2)
      ffi (~> 1.0.9)

PLATFORMS
  java
  ruby

DEPENDENCIES
  jruby-win32ole
  mocha (~> 0.10.0)
  vagrant-putty!
